GEM
  remote: https://rubygems.org/
  specs:
    htmlentities (4.3.4)
    mini_portile2 (2.1.0)
    nokogiri (1.7.0.1)
      mini_portile2 (~> 2.1.0)
    trollop (2.1.2)

PLATFORMS
  ruby

DEPENDENCIES
  htmlentities (~> 4.3)
  nokogiri (~> 1.7)
  trollop (~> 2.1)

BUNDLED WITH
   1.14.4
